PATH
  remote: .
  specs:
    da_face (0.0.11)
      excon
      json
      yajl-ruby

GEM
  remote: https://rubygems.org/
  specs:
    coderay (1.1.0)
    diff-lcs (1.2.5)
    docile (1.1.5)
    excon (0.71.0)
    json (2.3.0)
    method_source (0.8.2)
    multi_json (1.10.1)
    pry (0.10.1)
      coderay (~> 1.1.0)
      method_source (~> 0.8.1)
      slop (~> 3.4)
    rake (10.3.2)
    rspec (3.1.0)
      rspec-core (~> 3.1.0)
      rspec-expectations (~> 3.1.0)
      rspec-mocks (~> 3.1.0)
    rspec-core (3.1.5)
      rspec-support (~> 3.1.0)
    rspec-expectations (3.1.2)
      diff-lcs (>= 1.2.0, < 2.0)
      rspec-support (~> 3.1.0)
    rspec-mocks (3.1.2)
      rspec-support (~> 3.1.0)
    rspec-support (3.1.1)
    simplecov (0.9.1)
      docile (~> 1.1.0)
      multi_json (~> 1.0)
      simplecov-html (~> 0.8.0)
    simplecov-html (0.8.0)
    slop (3.6.0)
    yajl-ruby (1.2.1)

PLATFORMS
  ruby

DEPENDENCIES
  bundler (~> 1.6)
  da_face!
  pry
  rake (~> 10.0)
  rspec
  simplecov

BUNDLED WITH
   1.17.3
